GEM
  remote: http://rubygems.org/
  specs:
    activemodel (4.1.13)
      activesupport (= 4.1.13)
      builder (~> 3.1)
    activesupport (4.1.13)
      i18n (~> 0.6, >= 0.6.9)
      json (~> 1.7, >= 1.7.7)
      minitest (~> 5.1)
      thread_safe (~> 0.1)
      tzinfo (~> 1.1)
    ansi (1.4.3)
    bcrypt (3.1.10)
    bson (3.2.4)
    builder (3.2.2)
    dentaku (1.1.0)
    diff-lcs (1.2.5)
    em-websocket (0.5.1)
      eventmachine (>= 0.12.9)
      http_parser.rb (~> 0.6.0)
    erubis (2.7.0)
    eventmachine (1.0.8)
    http_parser.rb (0.6.0)
    i18n (0.6.11)
    json (1.8.3)
    log4r (1.1.10)
    minitest (5.8.1)
    mongo (2.1.0)
      bson (~> 3.0)
    mongoid (5.0.0)
      activemodel (~> 4.0)
      mongo (~> 2.1)
      origin (~> 2.1)
      tzinfo (>= 0.3.37)
    origin (2.1.1)
    rake (10.4.2)
    rspec (2.14.1)
      rspec-core (~> 2.14.0)
      rspec-expectations (~> 2.14.0)
      rspec-mocks (~> 2.14.0)
    rspec-core (2.14.8)
    rspec-expectations (2.14.5)
      diff-lcs (>= 1.1.3, < 2.0)
    rspec-mocks (2.14.6)
    thread_safe (0.3.5)
    timezone (0.3.11)
    tzinfo (1.2.2)
      thread_safe (~> 0.1)

PLATFORMS
  ruby

DEPENDENCIES
  activesupport (> 4)
  ansi (~> 1.4.3)
  bcrypt (~> 3.1.2)
  bson (~> 3.0)
  dentaku (~> 1.1.0)
  em-websocket (~> 0.5)
  erubis (~> 2.7.0)
  eventmachine (~> 1.0.4)
  i18n (~> 0.6.5)
  log4r (~> 1.1.10)
  mongo (~> 2)
  mongoid (~> 5)
  rake (~> 10.4.2)
  rspec (~> 2.14.1)
  timezone (~> 0.3.2)

BUNDLED WITH
   1.10.5
