GEM
  remote: http://rubygems.org/
  specs:
    activesupport (5.1.5)
      concurrent-ruby (~> 1.0, >= 1.0.2)
      i18n (~> 0.7)
      minitest (~> 5.1)
      tzinfo (~> 1.1)
    ansi (1.5.0)
    aws-partitions (1.68.0)
    aws-sdk-core (3.17.0)
      aws-partitions (~> 1.0)
      aws-sigv4 (~> 1.0)
      jmespath (~> 1.0)
    aws-sdk-kms (1.5.0)
      aws-sdk-core (~> 3)
      aws-sigv4 (~> 1.0)
    aws-sdk-s3 (1.8.2)
      aws-sdk-core (~> 3)
      aws-sdk-kms (~> 1)
      aws-sigv4 (~> 1.0)
    aws-sigv4 (1.0.2)
    bcrypt (3.1.11)
    concurrent-ruby (1.0.5)
    daemons (1.2.6)
    dentaku (3.1.0)
    diff-lcs (1.3)
    diffy (3.2.0)
    em-websocket (0.5.1)
      eventmachine (>= 0.12.9)
      http_parser.rb (~> 0.6.0)
    erubis (2.7.0)
    eventmachine (1.2.5)
    ffi (1.9.25)
    handlebars (0.8.0)
      handlebars-source (~> 4.0.5)
      therubyracer (~> 0.12.1)
    handlebars-source (4.0.12)
    hiredis (0.6.1)
    html2markdown (0.0.3)
      nokogiri
    htmlentities (4.3.4)
    http_parser.rb (0.6.0)
    i18n (0.9.5)
      concurrent-ruby (~> 1.0)
    jmespath (1.3.1)
    json (2.1.0)
    libv8 (3.16.14.19)
    log4r (1.1.10)
    mini_portile2 (2.3.0)
    minitest (5.11.3)
    mustermann (1.0.3)
    nest (3.1.1)
      redic
    nokogiri (1.8.5)
      mini_portile2 (~> 2.3.0)
    ohm (3.1.1)
      nest (~> 3)
      redic (~> 1.5.0)
      stal
    rack (2.0.6)
    rack-protection (2.0.4)
      rack
    rake (12.3.0)
    redcarpet (3.4.0)
    redic (1.5.0)
      hiredis
    ref (2.0.0)
    rspec (3.7.0)
      rspec-core (~> 3.7.0)
      rspec-expectations (~> 3.7.0)
      rspec-mocks (~> 3.7.0)
    rspec-core (3.7.1)
      rspec-support (~> 3.7.0)
    rspec-expectations (3.7.0)
      diff-lcs (>= 1.2.0, < 2.0)
      rspec-support (~> 3.7.0)
    rspec-mocks (3.7.0)
      diff-lcs (>= 1.2.0, < 2.0)
      rspec-support (~> 3.7.0)
    rspec-support (3.7.1)
    rubyzip (1.2.2)
    sassc (2.0.0)
      ffi (~> 1.9.6)
      rake
    sinatra (2.0.4)
      mustermann (~> 1.0)
      rack (~> 2.0)
      rack-protection (= 2.0.4)
      tilt (~> 2.0)
    sinatra-cross_origin (0.4.0)
    stal (0.3.0)
      redic (~> 1.5)
    therubyracer (0.12.3)
      libv8 (~> 3.16.14.15)
      ref
    thin (1.7.2)
      daemons (~> 1.0, >= 1.0.9)
      eventmachine (~> 1.0, >= 1.0.4)
      rack (>= 1, < 3)
    thread_safe (0.3.6)
    tilt (2.0.8)
    timezone (1.2.10)
    tzinfo (1.2.5)
      thread_safe (~> 0.1)

PLATFORMS
  ruby

DEPENDENCIES
  activesupport (> 5)
  ansi (~> 1.5)
  aws-sdk-s3 (~> 1.8.2)
  bcrypt (~> 3.1.11)
  dentaku (~> 3.1)
  diff-lcs (~> 1.3)
  diffy (~> 3.2.0)
  em-websocket (~> 0.5)
  erubis (~> 2.7.0)
  eventmachine (~> 1.2.5)
  handlebars (~> 0.8.0)
  html2markdown (= 0.0.3)
  htmlentities (~> 4.3.4)
  i18n (~> 0.7)
  json (~> 2.1.0)
  log4r (~> 1.1.10)
  nokogiri (~> 1.8.5)
  ohm (~> 3.1.1)
  rake (~> 12.3)
  redcarpet (~> 3.4.0)
  rspec (~> 3.7.0)
  rubyzip (~> 1.2.2)
  sassc (~> 2.0.0)
  sinatra (~> 2.0.4)
  sinatra-cross_origin (~> 0.4.0)
  thin (~> 1.7.2)
  timezone (~> 1.2.10)

RUBY VERSION
   ruby 2.5.1p57

BUNDLED WITH
   1.16.3
