GEM
  remote: http://rubygems.org/
  specs:
    activemodel (3.2.17)
      activesupport (= 3.2.17)
      builder (~> 3.0.0)
    activesupport (3.2.17)
      i18n (~> 0.6, >= 0.6.4)
      multi_json (~> 1.0)
    ansi (1.4.3)
    bcrypt (3.1.7)
    bson (1.9.2)
    bson_ext (1.9.2)
      bson (~> 1.9.2)
    builder (3.0.4)
    dentaku (1.1.0)
    diff-lcs (1.2.5)
    erubis (2.7.0)
    eventmachine (1.0.7)
    i18n (0.6.9)
    log4r (1.1.10)
    mongo (1.9.2)
      bson (~> 1.9.2)
    mongoid (3.1.6)
      activemodel (~> 3.2)
      moped (~> 1.4)
      origin (~> 1.0)
      tzinfo (~> 0.3.29)
    moped (1.5.2)
    multi_json (1.9.2)
    origin (1.1.0)
    rake (10.1.1)
    rspec (2.14.1)
      rspec-core (~> 2.14.0)
      rspec-expectations (~> 2.14.0)
      rspec-mocks (~> 2.14.0)
    rspec-core (2.14.8)
    rspec-expectations (2.14.5)
      diff-lcs (>= 1.1.3, < 2.0)
    rspec-mocks (2.14.6)
    timezone (0.3.2)
    tzinfo (0.3.39)

PLATFORMS
  ruby

DEPENDENCIES
  ansi (~> 1.4.3)
  bcrypt (~> 3.1.2)
  bson (~> 1.9.2)
  bson_ext (~> 1.9.2)
  dentaku (~> 1.1.0)
  erubis (~> 2.7.0)
  eventmachine (~> 1.0.4)
  i18n (~> 0.6.5)
  log4r (~> 1.1.10)
  mongo (~> 1.9.2)
  mongoid (~> 3.1.6)
  rake (~> 10.1.0)
  rspec (~> 2.14.1)
  timezone (~> 0.3.2)
