GEM
  remote: http://rubygems.org/
  specs:
    activesupport (6.0.3.2)
      concurrent-ruby (~> 1.0, >= 1.0.2)
      i18n (>= 0.7, < 2)
      minitest (~> 5.1)
      tzinfo (~> 1.1)
      zeitwerk (~> 2.2, >= 2.2.2)
    ansi (1.5.0)
    aws-eventstream (1.0.3)
    aws-partitions (1.203.0)
    aws-sdk-core (3.63.0)
      aws-eventstream (~> 1.0, >= 1.0.2)
      aws-partitions (~> 1.0)
      aws-sigv4 (~> 1.1)
      jmespath (~> 1.0)
    aws-sdk-kms (1.24.0)
      aws-sdk-core (~> 3, >= 3.61.1)
      aws-sigv4 (~> 1.1)
    aws-sdk-s3 (1.8.2)
      aws-sdk-core (~> 3)
      aws-sdk-kms (~> 1)
      aws-sigv4 (~> 1.0)
    aws-sigv4 (1.1.0)
      aws-eventstream (~> 1.0, >= 1.0.2)
    bcrypt (3.1.13)
    concurrent-ruby (1.1.5)
    daemons (1.3.1)
    dentaku (3.3.2)
    diff-lcs (1.3)
    diffy (3.2.1)
    em-websocket (0.5.1)
      eventmachine (>= 0.12.9)
      http_parser.rb (~> 0.6.0)
    erubis (2.7.0)
    eventmachine (1.2.7)
    ffi (1.12.2)
    handlebars (0.8.0)
      handlebars-source (~> 4.0.5)
      therubyracer (~> 0.12.1)
    handlebars-source (4.0.14)
    hiredis (0.6.3)
    htmlentities (4.3.4)
    http_parser.rb (0.6.0)
    i18n (0.9.5)
      concurrent-ruby (~> 1.0)
    jmespath (1.4.0)
    json (2.1.0)
    libv8 (3.16.14.19)
    log4r (1.1.10)
    minitest (5.14.1)
    mustermann (1.0.3)
    nest (3.1.2)
      redic
    ohm (3.1.1)
      nest (~> 3)
      redic (~> 1.5.0)
      stal
    rack (2.2.3)
    rack-protection (2.0.5)
      rack
    rake (12.3.3)
    redcarpet (3.4.0)
    redic (1.5.3)
      hiredis
    ref (2.0.0)
    rspec (3.7.0)
      rspec-core (~> 3.7.0)
      rspec-expectations (~> 3.7.0)
      rspec-mocks (~> 3.7.0)
    rspec-core (3.7.1)
      rspec-support (~> 3.7.0)
    rspec-expectations (3.7.0)
      diff-lcs (>= 1.2.0, < 2.0)
      rspec-support (~> 3.7.0)
    rspec-mocks (3.7.0)
      diff-lcs (>= 1.2.0, < 2.0)
      rspec-support (~> 3.7.0)
    rspec-support (3.7.1)
    rubyzip (1.3.0)
    sassc (2.2.1)
      ffi (~> 1.9)
    sinatra (2.0.5)
      mustermann (~> 1.0)
      rack (~> 2.0)
      rack-protection (= 2.0.5)
      tilt (~> 2.0)
    sinatra-cross_origin (0.4.0)
    stal (0.3.0)
      redic (~> 1.5)
    therubyracer (0.12.3)
      libv8 (~> 3.16.14.15)
      ref
    thin (1.7.2)
      daemons (~> 1.0, >= 1.0.9)
      eventmachine (~> 1.0, >= 1.0.4)
      rack (>= 1, < 3)
    thread_safe (0.3.6)
    tilt (2.0.9)
    timezone (1.2.12)
    tzinfo (1.2.7)
      thread_safe (~> 0.1)
    zeitwerk (2.3.1)

PLATFORMS
  ruby

DEPENDENCIES
  activesupport (>= 6.0.3.1)
  ansi (~> 1.5)
  aws-sdk-s3 (~> 1.8.2)
  bcrypt (~> 3.1.11)
  dentaku (~> 3.1)
  diff-lcs (~> 1.3)
  diffy (~> 3.2.0)
  em-websocket (~> 0.5)
  erubis (~> 2.7.0)
  eventmachine (~> 1.2.5)
  handlebars (~> 0.8.0)
  htmlentities (~> 4.3.4)
  i18n (~> 0.7)
  json (~> 2.1.0)
  log4r (~> 1.1.10)
  ohm (~> 3.1.1)
  rack (>= 2.1.4)
  rake (~> 12.3)
  redcarpet (~> 3.4.0)
  rspec (~> 3.7.0)
  rubyzip (~> 1.3.0)
  sassc (~> 2.2.1)
  sinatra (~> 2.0.4)
  sinatra-cross_origin (~> 0.4.0)
  thin (~> 1.7.2)
  timezone (~> 1.2.10)

BUNDLED WITH
   2.0.2
