GEM
  remote: http://rubygems.org/
  specs:
    activesupport (4.1.13)
      i18n (~> 0.6, >= 0.6.9)
      json (~> 1.7, >= 1.7.7)
      minitest (~> 5.1)
      thread_safe (~> 0.1)
      tzinfo (~> 1.1)
    ansi (1.4.3)
    bcrypt (3.1.10)
    bson (3.2.4)
    dentaku (1.1.0)
    diff-lcs (1.2.5)
    erubis (2.7.0)
    eventmachine (1.0.8)
    hiredis (0.6.1)
    html2markdown (0.0.3)
      nokogiri
    i18n (0.6.11)
    json (1.8.3)
    log4r (1.1.10)
    mini_portile2 (2.1.0)
    minitest (5.8.1)
    nido (1.0.0)
    nokogiri (1.6.8)
      mini_portile2 (~> 2.1.0)
      pkg-config (~> 1.1.7)
    ohm (3.0.3)
      nido
      redic (~> 1.5.0)
      stal
    pkg-config (1.1.7)
    rake (10.4.2)
    redcarpet (3.3.4)
    redic (1.5.0)
      hiredis
    rspec (2.14.1)
      rspec-core (~> 2.14.0)
      rspec-expectations (~> 2.14.0)
      rspec-mocks (~> 2.14.0)
    rspec-core (2.14.8)
    rspec-expectations (2.14.5)
      diff-lcs (>= 1.1.3, < 2.0)
    rspec-mocks (2.14.6)
    stal (0.1.0)
      redic
    thread_safe (0.3.5)
    timezone (0.3.11)
    tzinfo (1.2.2)
      thread_safe (~> 0.1)

PLATFORMS
  ruby

DEPENDENCIES
  activesupport (> 4)
  ansi (~> 1.4.3)
  bcrypt (~> 3.1.2)
  bson (~> 3.0)
  dentaku (~> 1.1.0)
  erubis (~> 2.7.0)
  eventmachine (~> 1.0.4)
  html2markdown (= 0.0.3)
  i18n (~> 0.6.5)
  json (~> 1.8.3)
  log4r (~> 1.1.10)
  ohm (~> 3.0.3)
  rake (~> 10.4.2)
  redcarpet (~> 3.3.4)
  rspec (~> 2.14.1)
  timezone (~> 0.3.2)

BUNDLED WITH
   1.10.5
