GEM
  remote: http://rubygems.org/
  specs:
    activesupport (5.1.4)
      concurrent-ruby (~> 1.0, >= 1.0.2)
      i18n (~> 0.7)
      minitest (~> 5.1)
      tzinfo (~> 1.1)
    ansi (1.5.0)
    aws-sdk (2.9.11)
      aws-sdk-resources (= 2.9.11)
    aws-sdk-core (2.9.11)
      aws-sigv4 (~> 1.0)
      jmespath (~> 1.0)
    aws-sdk-resources (2.9.11)
      aws-sdk-core (= 2.9.11)
    aws-sigv4 (1.0.0)
    backports (3.6.8)
    bcrypt (3.1.11)
    bson (3.2.6)
    concurrent-ruby (1.0.5)
    daemons (1.2.4)
    dentaku (1.1.0)
    diff-lcs (1.2.5)
    diffy (3.2.0)
    em-websocket (0.5.1)
      eventmachine (>= 0.12.9)
      http_parser.rb (~> 0.6.0)
    erubis (2.7.0)
    eventmachine (1.0.9.1)
    ffi (1.9.18)
    handlebars (0.8.0)
      handlebars-source (~> 4.0.5)
      therubyracer (~> 0.12.1)
    handlebars-source (4.0.11)
    hiredis (0.6.1)
    html2markdown (0.0.3)
      nokogiri
    http_parser.rb (0.6.0)
    i18n (0.9.3)
      concurrent-ruby (~> 1.0)
    jmespath (1.3.1)
    json (1.8.6)
    libv8 (3.16.14.19)
    log4r (1.1.10)
    mini_portile2 (2.3.0)
    minitest (5.11.3)
    multi_json (1.12.1)
    nido (1.0.0)
    nokogiri (1.8.1)
      mini_portile2 (~> 2.3.0)
    ohm (3.0.3)
      nido
      redic (~> 1.5.0)
      stal
    rack (1.6.4)
    rack-protection (1.5.3)
      rack
    rack-test (0.6.3)
      rack (>= 1.0)
    rake (10.4.2)
    rb-fsevent (0.10.2)
    rb-inotify (0.9.10)
      ffi (>= 0.5.0, < 2)
    redcarpet (3.3.4)
    redic (1.5.0)
      hiredis
    redis (4.0.1)
    redis-rack (2.0.3)
      rack (>= 1.5, < 3)
      redis-store (>= 1.2, < 2)
    redis-store (1.4.1)
      redis (>= 2.2, < 5)
    ref (2.0.0)
    rspec (3.5.0)
      rspec-core (~> 3.5.0)
      rspec-expectations (~> 3.5.0)
      rspec-mocks (~> 3.5.0)
    rspec-core (3.5.4)
      rspec-support (~> 3.5.0)
    rspec-expectations (3.5.0)
      diff-lcs (>= 1.2.0, < 2.0)
      rspec-support (~> 3.5.0)
    rspec-mocks (3.5.0)
      diff-lcs (>= 1.2.0, < 2.0)
      rspec-support (~> 3.5.0)
    rspec-support (3.5.0)
    rubyzip (1.2.1)
    sass (3.5.5)
      sass-listen (~> 4.0.0)
    sass-listen (4.0.0)
      rb-fsevent (~> 0.9, >= 0.9.4)
      rb-inotify (~> 0.9, >= 0.9.7)
    sinatra (1.4.7)
      rack (~> 1.5)
      rack-protection (~> 1.4)
      tilt (>= 1.3, < 3)
    sinatra-contrib (1.4.7)
      backports (>= 2.0)
      multi_json
      rack-protection
      rack-test
      sinatra (~> 1.4.0)
      tilt (>= 1.3, < 3)
    sinatra-cross_origin (0.4.0)
    sinatra-flash (0.3.0)
      sinatra (>= 1.0.0)
    sinatra-reloader (1.0)
      sinatra-contrib
    stal (0.1.0)
      redic
    therubyracer (0.12.3)
      libv8 (~> 3.16.14.15)
      ref
    thin (1.7.0)
      daemons (~> 1.0, >= 1.0.9)
      eventmachine (~> 1.0, >= 1.0.4)
      rack (>= 1, < 3)
    thread_safe (0.3.6)
    tilt (2.0.5)
    timezone (0.3.11)
    tzinfo (1.2.4)
      thread_safe (~> 0.1)

PLATFORMS
  ruby

DEPENDENCIES
  activesupport (> 5)
  ansi (~> 1.5)
  aws-sdk (~> 2.9.11)
  bcrypt (~> 3.1.2)
  bson (~> 3.0)
  dentaku (~> 1.1.0)
  diff-lcs (~> 1.2.5)
  diffy (~> 3.2.0)
  em-websocket (~> 0.5)
  erubis (~> 2.7.0)
  eventmachine (~> 1.0.4)
  handlebars (~> 0.8.0)
  html2markdown (= 0.0.3)
  i18n (~> 0.7)
  json (~> 1.8.5)
  log4r (~> 1.1.10)
  nokogiri (~> 1.8.1)
  ohm (~> 3.0.3)
  rake (~> 10.4.2)
  redcarpet (~> 3.3.4)
  redis-rack (~> 2.0.3)
  rspec (~> 3.5.0)
  rubyzip (~> 1.2.1)
  sass (~> 3.5.5)
  sinatra (~> 1.4.7)
  sinatra-cross_origin (~> 0.4.0)
  sinatra-flash (~> 0.3.0)
  sinatra-reloader (~> 1.0)
  thin (~> 1.7.0)
  timezone (~> 0.3.2)

BUNDLED WITH
   1.16.1
