GEM
  remote: http://rubygems.org/
  specs:
    activesupport (4.1.16)
      i18n (~> 0.6, >= 0.6.9)
      json (~> 1.7, >= 1.7.7)
      minitest (~> 5.1)
      thread_safe (~> 0.1)
      tzinfo (~> 1.1)
    ansi (1.5.0)
    aws-sdk (2.9.11)
      aws-sdk-resources (= 2.9.11)
    aws-sdk-core (2.9.11)
      aws-sigv4 (~> 1.0)
      jmespath (~> 1.0)
    aws-sdk-resources (2.9.11)
      aws-sdk-core (= 2.9.11)
    aws-sigv4 (1.0.0)
    backports (3.6.8)
    bcrypt (3.1.11)
    bson (3.2.6)
    chunky_png (1.3.8)
    compass (1.0.3)
      chunky_png (~> 1.2)
      compass-core (~> 1.0.2)
      compass-import-once (~> 1.0.5)
      rb-fsevent (>= 0.9.3)
      rb-inotify (>= 0.9)
      sass (>= 3.3.13, < 3.5)
    compass-core (1.0.3)
      multi_json (~> 1.0)
      sass (>= 3.3.0, < 3.5)
    compass-import-once (1.0.5)
      sass (>= 3.2, < 3.5)
    daemons (1.2.4)
    dentaku (1.1.0)
    diff-lcs (1.2.5)
    em-websocket (0.5.1)
      eventmachine (>= 0.12.9)
      http_parser.rb (~> 0.6.0)
    erubis (2.7.0)
    eventmachine (1.0.9.1)
    ffi (1.9.18)
    hiredis (0.6.1)
    html2markdown (0.0.3)
      nokogiri
    http_parser.rb (0.6.0)
    i18n (0.6.11)
    jmespath (1.3.1)
    json (1.8.3)
    log4r (1.1.10)
    mini_portile2 (2.1.0)
    minitest (5.9.1)
    multi_json (1.12.1)
    nido (1.0.0)
    nokogiri (1.6.8.1)
      mini_portile2 (~> 2.1.0)
    ohm (3.0.3)
      nido
      redic (~> 1.5.0)
      stal
    passenger (5.0.30)
      rack
      rake (>= 0.8.1)
    rack (1.6.4)
    rack-protection (1.5.3)
      rack
    rack-test (0.6.3)
      rack (>= 1.0)
    rake (10.4.2)
    rb-fsevent (0.9.8)
    rb-inotify (0.9.8)
      ffi (>= 0.5.0)
    redcarpet (3.3.4)
    redic (1.5.0)
      hiredis
    redis (4.0.1)
    redis-rack (2.0.2)
      rack (>= 1.5, < 3)
      redis-store (>= 1.2, < 1.4)
    redis-store (1.3.0)
      redis (>= 2.2)
    rspec (3.5.0)
      rspec-core (~> 3.5.0)
      rspec-expectations (~> 3.5.0)
      rspec-mocks (~> 3.5.0)
    rspec-core (3.5.4)
      rspec-support (~> 3.5.0)
    rspec-expectations (3.5.0)
      diff-lcs (>= 1.2.0, < 2.0)
      rspec-support (~> 3.5.0)
    rspec-mocks (3.5.0)
      diff-lcs (>= 1.2.0, < 2.0)
      rspec-support (~> 3.5.0)
    rspec-support (3.5.0)
    sass (3.4.24)
    sinatra (1.4.7)
      rack (~> 1.5)
      rack-protection (~> 1.4)
      tilt (>= 1.3, < 3)
    sinatra-contrib (1.4.7)
      backports (>= 2.0)
      multi_json
      rack-protection
      rack-test
      sinatra (~> 1.4.0)
      tilt (>= 1.3, < 3)
    sinatra-flash (0.3.0)
      sinatra (>= 1.0.0)
    sinatra-reloader (1.0)
      sinatra-contrib
    stal (0.1.0)
      redic
    thin (1.7.0)
      daemons (~> 1.0, >= 1.0.9)
      eventmachine (~> 1.0, >= 1.0.4)
      rack (>= 1, < 3)
    thread_safe (0.3.5)
    tilt (2.0.5)
    timezone (0.3.11)
    tzinfo (1.2.2)
      thread_safe (~> 0.1)

PLATFORMS
  ruby

DEPENDENCIES
  activesupport (> 4)
  ansi (~> 1.5)
  aws-sdk (~> 2.9.11)
  bcrypt (~> 3.1.2)
  bson (~> 3.0)
  compass (~> 1.0.3)
  dentaku (~> 1.1.0)
  em-websocket (~> 0.5)
  erubis (~> 2.7.0)
  eventmachine (~> 1.0.4)
  html2markdown (= 0.0.3)
  i18n (~> 0.6.5)
  json (~> 1.8.3)
  log4r (~> 1.1.10)
  ohm (~> 3.0.3)
  passenger (~> 5.0.25)
  rake (~> 10.4.2)
  redcarpet (~> 3.3.4)
  redis-rack (~> 2.0.2)
  rspec (~> 3.5.0)
  sinatra (~> 1.4.7)
  sinatra-flash (~> 0.3.0)
  sinatra-reloader (~> 1.0)
  thin (~> 1.7.0)
  timezone (~> 0.3.2)

BUNDLED WITH
   1.15.4
